GEM
  remote: http://rubygems.org/
  specs:
    abstract (1.0.0)
    actionmailer (3.0.5.rc1)
      actionpack (= 3.0.5.rc1)
      mail (~> 2.2.15)
    actionpack (3.0.5.rc1)
      activemodel (= 3.0.5.rc1)
      activesupport (= 3.0.5.rc1)
      builder (~> 2.1.2)
      erubis (~> 2.6.6)
      i18n (~> 0.4)
      rack (~> 1.2.1)
      rack-mount (~> 0.6.13)
      rack-test (~> 0.5.7)
      tzinfo (~> 0.3.23)
    activemodel (3.0.5.rc1)
      activesupport (= 3.0.5.rc1)
      builder (~> 2.1.2)
      i18n (~> 0.4)
    activerecord (3.0.5.rc1)
      activemodel (= 3.0.5.rc1)
      activesupport (= 3.0.5.rc1)
      arel (~> 2.0.2)
      tzinfo (~> 0.3.23)
    activeresource (3.0.5.rc1)
      activemodel (= 3.0.5.rc1)
      activesupport (= 3.0.5.rc1)
    activesupport (3.0.5.rc1)
    arel (2.0.10)
    builder (2.1.2)
    coderay (1.0.5)
    erubis (2.6.6)
      abstract (>= 1.0.0)
    i18n (0.6.0)
    mail (2.2.19)
      activesupport (>= 2.3.6)
      i18n (>= 0.4.0)
      mime-types (~> 1.16)
      treetop (~> 1.4.8)
    method_source (0.7.0)
    mime-types (1.17.2)
    polyglot (0.3.3)
    pry (0.9.8)
      coderay (~> 1.0.5)
      method_source (~> 0.7)
      slop (>= 2.4.3, < 3)
    rack (1.2.5)
    rack-mount (0.6.14)
      rack (>= 1.0.0)
    rack-test (0.5.7)
      rack (>= 1.0)
    rails (3.0.5.rc1)
      actionmailer (= 3.0.5.rc1)
      actionpack (= 3.0.5.rc1)
      activerecord (= 3.0.5.rc1)
      activeresource (= 3.0.5.rc1)
      activesupport (= 3.0.5.rc1)
      bundler (~> 1.0)
      railties (= 3.0.5.rc1)
    railties (3.0.5.rc1)
      actionpack (= 3.0.5.rc1)
      activesupport (= 3.0.5.rc1)
      rake (>= 0.8.7)
      thor (~> 0.14.4)
    rake (0.9.2.2)
    slop (2.4.3)
    sqlite3 (1.3.5)
    thor (0.14.6)
    treetop (1.4.10)
      polyglot
      polyglot (>= 0.3.1)
    tzinfo (0.3.32)
    will_paginate (3.0.3)

PLATFORMS
  ruby

DEPENDENCIES
  pry
  rails (= 3.0.5.rc1)
  sqlite3
  will_paginate (>= 3.0.pre)
